GEM
  remote: http://rubygems.org/
  specs:
    activemodel (3.0.19)
      activesupport (= 3.0.19)
      builder (~> 2.1.2)
      i18n (~> 0.5.0)
    activesupport (3.0.19)
    builder (2.1.2)
    daemons (1.1.9)
    eventmachine (1.0.0)
    i18n (0.5.0)
    jwt (0.1.5)
      multi_json (>= 1.0)
    multi_json (1.5.0)
    rack (1.4.4)
    rack-protection (1.3.2)
      rack
    sinatra (1.3.3)
      rack (~> 1.3, >= 1.3.6)
      rack-protection (~> 1.2)
      tilt (~> 1.3, >= 1.3.3)
    sinatra-twilio (1.0.0)
      sinatra
      twiliolib
    supermodel (0.1.6)
      activemodel (~> 3.0.0)
    thin (1.5.0)
      daemons (>= 1.0.9)
      eventmachine (>= 0.12.6)
      rack (>= 1.0.0)
    tilt (1.3.3)
    trollop (2.0)
    twilio-ruby (3.9.0)
      builder (>= 2.1.2)
      jwt (>= 0.1.2)
      multi_json (>= 1.3.0)
    twiliolib (2.0.7)
      builder (>= 2.1.2)

PLATFORMS
  ruby

DEPENDENCIES
  sinatra
  sinatra-twilio
  supermodel (~> 0.1.6)
  thin
  trollop
  twilio-ruby
