GEM
  remote: http://rubygems.org/
  specs:
    builder (3.0.0)
    daemons (1.1.8)
    eventmachine (0.12.10)
    json (1.7.1)
    jwt (0.1.4)
      json (>= 1.2.4)
    multi_json (1.3.4)
    rack (1.4.1)
    rack-protection (1.2.0)
      rack
    sinatra (1.3.2)
      rack (~> 1.3, >= 1.3.6)
      rack-protection (~> 1.2)
      tilt (~> 1.3, >= 1.3.3)
    sinatra-twilio (1.0.0)
      sinatra
      twiliolib
    thin (1.3.1)
      daemons (>= 1.0.9)
      eventmachine (>= 0.12.6)
      rack (>= 1.0.0)
    tilt (1.3.3)
    trollop (1.16.2)
    twilio-ruby (3.7.0)
      builder (>= 2.1.2)
      jwt (>= 0.1.2)
      multi_json (>= 1.3.0)
    twiliolib (2.0.7)
      builder (>= 2.1.2)

PLATFORMS
  ruby

DEPENDENCIES
  sinatra
  sinatra-twilio
  thin
  trollop
  twilio-ruby
